GEM
  remote: https://rubygems.org/
  specs:
    minitest (5.14.2)

PLATFORMS
  ruby
  x86_64-linux

DEPENDENCIES
  minitest (~> 5.14)

RUBY VERSION
   ruby 3.0.2p107

BUNDLED WITH
   2.5.23
